GEM
  remote: http://rubygems.org/
  specs:
    activemodel (3.1.0.rc1)
      activesupport (= 3.1.0.rc1)
      bcrypt-ruby (~> 2.1.4)
      builder (~> 3.0.0)
      i18n (~> 0.6.0beta1)
    activerecord (3.1.0.rc1)
      activemodel (= 3.1.0.rc1)
      activesupport (= 3.1.0.rc1)
      arel (~> 2.1.1)
      tzinfo (~> 0.3.27)
    activesupport (3.1.0.rc1)
      multi_json (~> 1.0)
    arel (2.1.1)
    bcrypt-ruby (2.1.4-java)
    builder (3.0.0)
    hoe (2.9.4)
      rake (>= 0.8.7)
    i18n (0.6.0)
    multi_json (1.0.3)
    rake (0.9.2)
    tzinfo (0.3.27)

PLATFORMS
  java

DEPENDENCIES
  activemodel (= 3.1.0.rc1)
  activerecord (= 3.1.0.rc1)
  activesupport (= 3.1.0.rc1)
  hoe
